GIT
  remote: git://github.com/inesita-rb/inesita.git
  revision: 00102aa784a8fd5a0794d594cd54acd91b96240f
  specs:
    inesita (0.7.0)
      listen (~> 3.0)
      opal (>= 0.10.4, < 0.12)
      opal-sprockets
      opal-virtual-dom (~> 0.5.0)
      rack-rewrite (~> 1.5)
      thor (~> 0.19)

GIT
  remote: git://github.com/opal/opal-jquery.git
  revision: f47a9b42da366cea270f743b05acf529f3077d35
  specs:
    opal-jquery (0.4.2)
      opal (>= 0.10.0, < 0.12.0)

GEM
  remote: https://rubygems.org/
  specs:
    ast (2.4.0)
    concurrent-ruby (1.0.5)
    ffi (1.9.18)
    hike (1.2.3)
    listen (3.1.5)
      rb-fsevent (~> 0.9, >= 0.9.4)
      rb-inotify (~> 0.9, >= 0.9.7)
      ruby_dep (~> 1.2)
    opal (0.11.0)
      ast (>= 2.3.0)
      hike (~> 1.2)
      parser (= 2.3.3.1)
      sourcemap (~> 0.1.0)
    opal-browser (0.2.0)
      opal
      paggio
    opal-sprockets (0.4.1.0.11.0.3.1)
      opal (~> 0.11.0)
      sprockets (~> 3.1)
      tilt (>= 1.4)
    opal-virtual-dom (0.5.1)
      opal
    paggio (0.2.6)
    parser (2.3.3.1)
      ast (~> 2.2)
    puma (3.11.2)
    rack (2.0.4)
    rack-rewrite (1.5.1)
    rb-fsevent (0.10.2)
    rb-inotify (0.9.10)
      ffi (>= 0.5.0, < 2)
    ruby_dep (1.5.0)
    sourcemap (0.1.1)
    sprockets (3.7.1)
      concurrent-ruby (~> 1.0)
      rack (> 1, < 3)
    thor (0.20.0)
    tilt (2.0.8)

PLATFORMS
  ruby

DEPENDENCIES
  inesita!
  opal
  opal-browser
  opal-jquery!
  opal-sprockets
  puma

BUNDLED WITH
   1.11.2
